PATH
  remote: .
  specs:
    railshoster (0.6.12)
      activesupport
      bundler (>= 1.0.15)
      capistrano (~> 3.0)
      erubis
      git
      gli (>= 1.2.5)
      highline
      json
      net-sftp

GEM
  remote: http://rubygems.org/
  specs:
    activesupport (3.2.8)
      i18n (~> 0.6)
      multi_json (~> 1.0)
    capistrano (3.1.0)
      i18n
      rake (>= 10.0.0)
      sshkit (~> 1.3)
    diff-lcs (1.1.3)
    erubis (2.7.0)
    fakefs (0.4.0)
    git (1.2.5)
    gli (2.1.0)
    highline (1.6.15)
    i18n (0.6.1)
    json (1.7.5)
    metaclass (0.0.1)
    mocha (0.10.3)
      metaclass (~> 0.0.1)
    multi_json (1.3.6)
    net-scp (1.1.2)
      net-ssh (>= 2.6.5)
    net-sftp (2.0.5)
      net-ssh (>= 2.0.9)
    net-ssh (2.8.0)
    rake (10.1.1)
    rspec (2.8.0)
      rspec-core (~> 2.8.0)
      rspec-expectations (~> 2.8.0)
      rspec-mocks (~> 2.8.0)
    rspec-core (2.8.0)
    rspec-expectations (2.8.0)
      diff-lcs (~> 1.1.2)
    rspec-mocks (2.8.0)
    sshkit (1.3.0)
      net-scp (>= 1.1.2)
      net-ssh
      term-ansicolor
    term-ansicolor (1.3.0)
      tins (~> 1.0)
    tins (1.0.0)

PLATFORMS
  ruby

DEPENDENCIES
  fakefs
  mocha
  railshoster!
  rspec
